GEM
  remote: https://rubygems.org/
  specs:
    adsf (1.1.1)
      rack (>= 1.0.0)
    builder (3.2.2)
    coderay (1.0.9)
    colored (1.2)
    cri (2.3.0)
      colored (>= 1.2)
    fssm (0.2.10)
    json (1.8.0)
    kramdown (0.14.2)
    mime-types (1.24)
    mini_portile (0.5.1)
    nanoc (3.5.0)
      cri (~> 2.2)
    nokogiri (1.6.0)
      mini_portile (~> 0.5.0)
    rack (1.5.2)
    rake (10.0.4)
    sass (3.2.10)
    w3c_validators (1.2)
      json
      nokogiri

PLATFORMS
  ruby

DEPENDENCIES
  adsf
  builder
  coderay
  fssm
  kramdown (~> 0.14.2)
  mime-types
  nanoc (~> 3.5.0)
  nokogiri
  rake (~> 10.0.3)
  sass
  w3c_validators
